GEM
  remote: https://rubygems.org/
  specs:
    rack (2.2.3)
    rake (12.3.3)

PLATFORMS
  ruby

DEPENDENCIES
  rack
  rake (~> 12.0)

BUNDLED WITH
   2.1.4
